GEM
  remote: https://rubygems.org/
  specs:
    erubis (2.7.0)
    webrick (1.8.1)

PLATFORMS
  x86_64-linux

DEPENDENCIES
  erubis
  webrick

RUBY VERSION
   ruby 3.2.1p31

BUNDLED WITH
   2.4.6
